GIT
  remote: https://github.com/DavidJVitale/jekyll-leaflet
  revision: 0bce66a04d5305fc21fcdaa5bc6aea5c3e2eeb16
  specs:
    jekyll-leaflet (0.2.1)

GIT
  remote: https://github.com/LocXar/jekyll-lab-notebook-plugins
  revision: 2a082a6d7e97dd5f86decd7c79c5cea36ef77222
  specs:
    jekyll-lab-notebook-plugins (0.1.5.pre.Custom)
      jekyll (~> 3.5)
      nokogiri (~> 1.8)

GEM
  remote: https://rubygems.org/
  specs:
    addressable (2.7.0)
      public_suffix (>= 2.0.2, < 5.0)
    colorator (1.1.0)
    concurrent-ruby (1.1.8)
    em-websocket (0.5.2)
      eventmachine (>= 0.12.9)
      http_parser.rb (~> 0.6.0)
    ethon (0.12.0)
      ffi (>= 1.3.0)
    eventmachine (1.2.7)
    exifr (1.3.9)
    ffi (1.15.0)
    forwardable-extended (2.6.0)
    html-proofer (3.16.0)
      addressable (~> 2.3)
      mercenary (~> 0.3)
      nokogumbo (~> 2.0)
      parallel (~> 1.3)
      rainbow (~> 3.0)
      typhoeus (~> 1.3)
      yell (~> 2.0)
    http_parser.rb (0.6.0)
    i18n (0.9.5)
      concurrent-ruby (~> 1.0)
    jekyll (3.9.0)
      addressable (~> 2.4)
      colorator (~> 1.0)
      em-websocket (~> 0.5)
      i18n (~> 0.7)
      jekyll-sass-converter (~> 1.0)
      jekyll-watch (~> 2.0)
      kramdown (>= 1.17, < 3)
      liquid (~> 4.0)
      mercenary (~> 0.3.3)
      pathutil (~> 0.9)
      rouge (>= 1.7, < 4)
      safe_yaml (~> 1.0)
    jekyll-exif-data (0.0.3)
      exifr (~> 1.3)
    jekyll-exiftag (0.1.0)
      exifr
    jekyll-feed (0.13.0)
      jekyll (>= 3.7, < 5.0)
    jekyll-jupyter-notebook (0.0.4)
